GEM
  remote: http://rubygems.org/
  specs:
    autotest-standalone (4.5.8)
    fakeweb (1.3.0)
    git (1.2.5)
    jeweler (1.5.2)
      bundler (~> 1.0.0)
      git (>= 1.2.5)
      rake
    nokogiri (1.5.0)
    notifier (0.1.4)
    oauth (0.4.5)
    rake (0.8.7)
    rcov (0.9.9)
    redgreen (1.2.2)
    shoulda (2.11.3)
    test_notifier (1.0.0)
      notifier

PLATFORMS
  ruby

DEPENDENCIES
  autotest-standalone
  bundler (~> 1.0.0)
  fakeweb
  jeweler (~> 1.5.2)
  nokogiri
  oauth
  rcov
  redgreen
  shoulda
  test_notifier
